PATH
  remote: .
  specs:
    todolist_project (1.0.0)

GEM
  remote: https://rubygems.org/
  specs:
    ansi (1.5.0)
    builder (3.2.4)
    minitest (5.17.0)
    minitest-reporters (1.5.0)
      ansi
      builder
      minitest (>= 5.0)
      ruby-progressbar
    rake (13.0.6)
    ruby-progressbar (1.11.0)
    stamp (0.6.0)

PLATFORMS
  x86_64-darwin-22

DEPENDENCIES
  minitest (~> 5.17.0)
  minitest-reporters (~> 1.5.0)
  rake
  stamp (~> 0.6.0)
  todolist_project!

RUBY VERSION
   ruby 3.1.2p20

BUNDLED WITH
   2.3.7
